GEM
  remote: http://rubygems.org/
  specs:
    fluidinfo (0.6.2)
      rest-client (~> 1.6.7)
      yajl-ruby (~> 1.0.0)
    haml (3.1.7)
    mime-types (1.19)
    rack (1.4.4)
    rack-protection (1.3.2)
      rack
    rest-client (1.6.7)
      mime-types (>= 1.16)
    sinatra (1.3.3)
      rack (~> 1.3, >= 1.3.6)
      rack-protection (~> 1.2)
      tilt (~> 1.3, >= 1.3.3)
    tilt (1.3.3)
    yajl-ruby (1.0.0)

PLATFORMS
  ruby

DEPENDENCIES
  fluidinfo
  haml
  rack
  sinatra
