GEM
  remote: http://rubygems.org/
  specs:
    fluidinfo (0.6.2)
      rest-client (~> 1.6.7)
      yajl-ruby (~> 1.0.0)
    haml (3.1.7)
    i18n (0.6.4)
    mail (2.5.3)
      i18n (>= 0.4.0)
      mime-types (~> 1.16)
      treetop (~> 1.4.8)
    mime-types (1.19)
    polyglot (0.3.3)
    pony (1.4)
      mail (> 2.0)
    rack (1.4.4)
    rack-protection (1.3.2)
      rack
    rest-client (1.6.7)
      mime-types (>= 1.16)
    sinatra (1.3.3)
      rack (~> 1.3, >= 1.3.6)
      rack-protection (~> 1.2)
      tilt (~> 1.3, >= 1.3.3)
    tilt (1.3.3)
    treetop (1.4.12)
      polyglot
      polyglot (>= 0.3.1)
    yajl-ruby (1.0.0)

PLATFORMS
  ruby

DEPENDENCIES
  fluidinfo
  haml
  pony
  rack
  sinatra
